PATH
  remote: .
  specs:
    jonathantron-paypal (3.0.0pre5)
      rack (>= 1.0.0)

GEM
  remote: http://rubygems.org/
  specs:
    bouncy-castle-java (1.5.0146.1)
    diff-lcs (1.1.2)
    fakeweb (1.3.0)
    jruby-openssl (0.7.5)
      bouncy-castle-java (>= 1.5.0146.1)
    kramdown (0.13.5)
    nokogiri (1.5.0)
    nokogiri (1.5.0-java)
    rack (1.4.1)
    rake (0.9.2.2)
    rspec (2.6.0)
      rspec-core (~> 2.6.0)
      rspec-expectations (~> 2.6.0)
      rspec-mocks (~> 2.6.0)
    rspec-core (2.6.4)
    rspec-expectations (2.6.0)
      diff-lcs (~> 1.1.2)
    rspec-mocks (2.6.0)
    yard (0.7.2)

PLATFORMS
  java
  ruby

DEPENDENCIES
  fakeweb
  jonathantron-paypal!
  jruby-openssl
  kramdown
  nokogiri
  rake
  rspec (~> 2.6.0)
  yard
