PATH
  remote: .
  specs:
    jonathantron-paypal (3.0.0pre4)
      rack (>= 1.0.0)

GEM
  remote: http://rubygems.org/
  specs:
    bluecloth (2.1.0)
    diff-lcs (1.1.2)
    fakeweb (1.3.0)
    nokogiri (1.5.0)
    rack (1.3.1)
    rcov (0.9.9)
    rspec (2.6.0)
      rspec-core (~> 2.6.0)
      rspec-expectations (~> 2.6.0)
      rspec-mocks (~> 2.6.0)
    rspec-core (2.6.4)
    rspec-expectations (2.6.0)
      diff-lcs (~> 1.1.2)
    rspec-mocks (2.6.0)
    yard (0.7.2)

PLATFORMS
  ruby

DEPENDENCIES
  bluecloth
  fakeweb
  jonathantron-paypal!
  nokogiri
  rcov (>= 0.9.8)
  rspec (~> 2.6.0)
  yard
